PATH
  remote: .
  specs:
    parqueteur (1.4.0)
      red-parquet (~> 7.0)

GEM
  remote: https://rubygems.org/
  specs:
    bigdecimal (3.1.2)
    extpp (0.1.0)
    fiddle (1.1.0)
    gio2 (3.5.1)
      fiddle
      gobject-introspection (= 3.5.1)
    glib2 (3.5.1)
      native-package-installer (>= 1.0.3)
      pkg-config (>= 1.3.5)
    gobject-introspection (3.5.1)
      glib2 (= 3.5.1)
    native-package-installer (1.1.4)
    pkg-config (1.4.7)
    rake (13.0.6)
    red-arrow (7.0.0)
      bigdecimal (>= 2.0.3)
      extpp (>= 0.0.7)
      gio2 (>= 3.5.0)
      native-package-installer
      pkg-config
    red-parquet (7.0.0)
      red-arrow (= 7.0.0)

PLATFORMS
  ruby

DEPENDENCIES
  parqueteur!
  rake (~> 13.0)

BUNDLED WITH
   2.2.3
