PATH
  remote: .
  specs:
    parqueteur (1.1.0)
      red-parquet (~> 5.0)

GEM
  remote: https://rubygems.org/
  specs:
    bigdecimal (3.0.0)
    extpp (0.0.9)
    gio2 (3.4.6)
      gobject-introspection (= 3.4.6)
    glib2 (3.4.6)
      native-package-installer (>= 1.0.3)
      pkg-config (>= 1.3.5)
    gobject-introspection (3.4.6)
      glib2 (= 3.4.6)
    native-package-installer (1.1.1)
    pkg-config (1.4.6)
    rake (13.0.6)
    red-arrow (5.0.0)
      bigdecimal (>= 2.0.3)
      extpp (>= 0.0.7)
      gio2 (>= 3.4.5)
      native-package-installer
      pkg-config
    red-parquet (5.0.0)
      red-arrow (= 5.0.0)

PLATFORMS
  ruby

DEPENDENCIES
  parqueteur!
  rake (~> 13.0)

BUNDLED WITH
   2.2.3
